PATH
  remote: .
  specs:
    jekyll-academicons-svg (0.1.2)

GEM
  remote: https://rubygems.org/
  specs:
    diff-lcs (1.5.1)
    liquid (4.0.3)
    rake (13.0.6)
    rspec (3.13.0)
      rspec-core (~> 3.13.0)
      rspec-expectations (~> 3.13.0)
      rspec-mocks (~> 3.13.0)
    rspec-core (3.13.0)
      rspec-support (~> 3.13.0)
    rspec-expectations (3.13.0)
      diff-lcs (>= 1.2.0, < 2.0)
      rspec-support (~> 3.13.0)
    rspec-mocks (3.13.0)
      diff-lcs (>= 1.2.0, < 2.0)
      rspec-support (~> 3.13.0)
    rspec-support (3.13.0)

PLATFORMS
  ruby

DEPENDENCIES
  bundler (~> 2.0)
  jekyll-academicons-svg!
  liquid
  rake (~> 13.0)
  rspec (~> 3.0)

BUNDLED WITH
   2.0.2
